GEM
  remote: http://rubygems.org/
  specs:
    gosu (0.11.3.1)
    gosu (0.11.3.1-x64-mingw32)
    gosu (0.11.3.1-x86-mingw32)

PLATFORMS
  ruby
  x64-mingw32
  x86-mingw32

DEPENDENCIES
  gosu

BUNDLED WITH
   1.14.6
